GEM
  remote: https://rubygems.org/
  specs:
    ansi (1.4.3)
    coffee-script (2.2.0)
      coffee-script-source
      execjs
    coffee-script-source (1.6.3)
    execjs (1.4.0)
      multi_json (~> 1.0)
    hike (1.2.3)
    libv8 (3.11.8.17)
    minitest (4.7.5)
    multi_json (1.7.7)
    rack (1.5.2)
    rake (10.1.0)
    ref (1.0.5)
    sprockets (2.10.0)
      hike (~> 1.2)
      multi_json (~> 1.0)
      rack (~> 1.0)
      tilt (~> 1.1, != 1.3.0)
    therubyracer (0.11.4)
      libv8 (~> 3.11.8.12)
      ref
    tilt (1.4.1)
    turn (0.9.6)
      ansi
    uglifier (2.1.1)
      execjs (>= 0.3.0)
      multi_json (~> 1.0, >= 1.0.2)

PLATFORMS
  ruby

DEPENDENCIES
  coffee-script
  libv8 (~> 3.11.8)
  minitest (< 5.0.0)
  rake
  sprockets
  therubyracer
  therubyrhino
  tilt
  turn
  uglifier
