GEM
  remote: https://rubygems.org/
  specs:
    ansi (1.4.2)
    coffee-script (2.2.0)
      coffee-script-source
      execjs
    coffee-script-source (1.3.1)
    execjs (1.3.0)
      multi_json (~> 1.0)
    hike (1.2.3)
    libv8 (3.3.10.4)
    minitest (4.7.5)
    multi_json (1.3.2)
    rack (1.5.2)
    rake (0.9.2.2)
    sprockets (2.2.2)
      hike (~> 1.2)
      multi_json (~> 1.0)
      rack (~> 1.0)
      tilt (~> 1.1, != 1.3.0)
    therubyracer (0.10.2)
      libv8 (~> 3.3.10)
    tilt (1.3.3)
    turn (0.9.5)
      ansi
    uglifier (1.2.4)
      execjs (>= 0.3.0)
      multi_json (>= 1.0.2)

PLATFORMS
  ruby

DEPENDENCIES
  coffee-script
  libv8
  minitest (~> 4.0)
  rake
  sprockets (= 2.2.2)
  therubyracer
  therubyrhino
  tilt
  turn
  uglifier
